GEM
  remote: https://rubygems.org/
  specs:
    eventmachine (1.0.3)
    json (1.8.1)
    net-http-persistent (2.9.4)
    pubnub (3.5.1)
      eventmachine
      json
      net-http-persistent
    rack (1.5.2)
    rack-protection (1.5.2)
      rack
    sinatra (1.4.4)
      rack (~> 1.4)
      rack-protection (~> 1.4)
      tilt (~> 1.3, >= 1.3.4)
    tilt (1.4.1)

PLATFORMS
  ruby

DEPENDENCIES
  pubnub
  sinatra
